GEM
  remote: http://rubygems.org/
  specs:
    execjs (2.5.2)
    jslint (1.2.0)
      json
    json (1.8.3)
    rack (1.6.4)
    rake (10.4.2)
    sass (3.4.16)
    sprockets (3.2.0)
      rack (~> 1.0)
    uglifier (2.7.1)
      execjs (>= 0.3.0)
      json (>= 1.8.0)

PLATFORMS
  ruby

DEPENDENCIES
  jslint
  rake
  sass
  sprockets
  uglifier
