GEM
  remote: http://rubygems.org/
  specs:
    execjs (2.3.0)
    hike (1.2.3)
    jslint (1.2.0)
      json
    json (1.8.2)
    multi_json (1.10.1)
    rack (1.6.0)
    rake (10.4.2)
    sass (3.4.12)
    sprockets (2.12.3)
      hike (~> 1.2)
      multi_json (~> 1.0)
      rack (~> 1.0)
      tilt (~> 1.1, != 1.3.0)
    tilt (1.4.1)
    uglifier (2.7.0)
      execjs (>= 0.3.0)
      json (>= 1.8.0)

PLATFORMS
  ruby

DEPENDENCIES
  jslint
  rake
  sass
  sprockets
  uglifier
