GEM
  remote: http://rubygems.org/
  specs:
    POpen4 (0.1.4)
      Platform (>= 0.4.0)
      open4
    Platform (0.4.0)
    execjs (1.4.0)
      multi_json (~> 1.0)
    hike (1.2.1)
    jslint (1.2.0)
      json
    json (1.7.5)
    multi_json (1.3.7)
    open4 (1.3.0)
    rack (1.4.1)
    rake (10.0.1)
    sass (3.2.3)
    sprockets (2.8.1)
      hike (~> 1.2)
      multi_json (~> 1.0)
      rack (~> 1.0)
      tilt (~> 1.1, != 1.3.0)
    tilt (1.3.3)
    uglifier (1.3.0)
      execjs (>= 0.3.0)
      multi_json (~> 1.0, >= 1.0.2)
    yui-compressor (0.9.6)
      POpen4 (>= 0.1.4)

PLATFORMS
  ruby

DEPENDENCIES
  jslint
  rake
  sass
  sprockets
  uglifier
  yui-compressor
